GEM
  remote: http://rubygems.org/
  specs:
    hpricot (0.8.6)
    mini_portile2 (2.5.0)
    nokogiri (1.11.0)
      mini_portile2 (~> 2.5.0)
      racc (~> 1.4)
    racc (1.5.2)
    rubyzip (0.9.9)

PLATFORMS
  ruby

DEPENDENCIES
  hpricot (~> 0.8.6)
  nokogiri (= 1.11.0)
  rubyzip (= 0.9.9)
