GEM
  remote: http://rubygems.org/
  specs:
    hpricot (0.8.6)
    mini_portile2 (2.4.0)
    nokogiri (1.10.8)
      mini_portile2 (~> 2.4.0)
    rubyzip (0.9.9)

PLATFORMS
  ruby

DEPENDENCIES
  hpricot (~> 0.8.6)
  nokogiri (= 1.10.8)
  rubyzip (= 0.9.9)
